GEM
  remote: https://rubygems.org/
  specs:
    byebug (11.0.1)
    coderay (1.1.2)
    crass (1.0.4)
    method_source (0.9.2)
    mini_portile2 (2.4.0)
    nokogiri (1.10.3)
      mini_portile2 (~> 2.4.0)
    pry (0.12.2)
      coderay (~> 1.1.0)
      method_source (~> 0.9.0)
    pry-byebug (3.7.0)
      byebug (~> 11.0)
      pry (~> 0.10)
    rchardet (1.8.0)

PLATFORMS
  ruby

DEPENDENCIES
  crass (~> 1.0)
  nokogiri (~> 1.10)
  pry (~> 0.12.2)
  pry-byebug (~> 3.7)
  rchardet (~> 1.8)

BUNDLED WITH
   2.0.1
