GEM
  remote: https://rubygems.org/
  specs:
    addressable (2.7.0)
      public_suffix (>= 2.0.2, < 5.0)
    byebug (11.1.1)
    coderay (1.1.2)
    crass (1.0.6)
    method_source (1.0.0)
    mini_portile2 (2.8.0)
    nokogiri (1.13.4)
      mini_portile2 (~> 2.8.0)
      racc (~> 1.4)
    pry (0.13.0)
      coderay (~> 1.1)
      method_source (~> 1.0)
    pry-byebug (3.9.0)
      byebug (~> 11.0)
      pry (~> 0.13.0)
    public_suffix (4.0.3)
    racc (1.6.0)
    rchardet (1.8.0)
    rkelly-remix (0.0.7)

PLATFORMS
  ruby

DEPENDENCIES
  addressable (~> 2.7)
  crass (~> 1.0)
  nokogiri (~> 1.13)
  pry (~> 0.13)
  pry-byebug (~> 3.9)
  rchardet (~> 1.8)
  rkelly-remix (~> 0.0.7)

BUNDLED WITH
   2.1.4
